GEM
  remote: https://rubygems.org/
  specs:
    actionpack (4.2.6)
      actionview (= 4.2.6)
      activesupport (= 4.2.6)
      rack (~> 1.6)
      rack-test (~> 0.6.2)
      rails-dom-testing (~> 1.0, >= 1.0.5)
      rails-html-sanitizer (~> 1.0, >= 1.0.2)
    actionview (4.2.6)
      activesupport (= 4.2.6)
      builder (~> 3.1)
      erubis (~> 2.7.0)
      rails-dom-testing (~> 1.0, >= 1.0.5)
      rails-html-sanitizer (~> 1.0, >= 1.0.2)
    activesupport (4.2.6)
      i18n (~> 0.7)
      json (~> 1.7, >= 1.7.7)
      minitest (~> 5.1)
      thread_safe (~> 0.3, >= 0.3.4)
      tzinfo (~> 1.1)
    ansi (1.5.0)
    apns (1.0.0)
    builder (3.2.2)
    cassandra-driver (2.1.5)
      ione (~> 1.2)
    erubis (2.7.0)
    gcm (0.1.1)
      httparty
      json
    hiredis (0.6.1)
    httparty (0.13.7)
      json (~> 1.8)
      multi_xml (>= 0.5.2)
    i18n (0.7.0)
    ione (1.2.3)
    json (1.8.3)
    loofah (2.0.3)
      nokogiri (>= 1.5.9)
    mini_portile2 (2.0.0)
    minitest (5.8.4)
    mono_logger (1.1.0)
    multi_json (1.11.2)
    multi_xml (0.5.5)
    net-http-persistent (2.9.4)
    nokogiri (1.6.7.2)
      mini_portile2 (~> 2.0.0.rc2)
    predictor (2.3.1)
      redis (>= 3.0.0)
    productrecommender (0.0.1)
      hiredis (~> 0.6, >= 0.6.1)
      predictor (~> 2.3, >= 2.3.1)
    rack (1.6.4)
    rack-protection (1.5.3)
      rack
    rack-test (0.6.3)
      rack (>= 1.0)
    rails-deprecated_sanitizer (1.0.3)
      activesupport (>= 4.2.0.alpha)
    rails-dom-testing (1.0.7)
      activesupport (>= 4.2.0.beta, < 5.0)
      nokogiri (~> 1.6.0)
      rails-deprecated_sanitizer (>= 1.0.1)
    rails-html-sanitizer (1.0.3)
      loofah (~> 2.0)
    railties (4.2.6)
      actionpack (= 4.2.6)
      activesupport (= 4.2.6)
      rake (>= 0.8.7)
      thor (>= 0.18.1, < 2.0)
    rake (11.1.1)
    redis (3.2.2)
    redis-namespace (1.5.2)
      redis (~> 3.0, >= 3.0.4)
    resque (1.26.0)
      mono_logger (~> 1.0)
      multi_json (~> 1.0)
      redis-namespace (~> 1.3)
      sinatra (>= 0.9.2)
      vegas (~> 0.1.2)
    resque-scheduler (4.1.0)
      mono_logger (~> 1.0)
      redis (~> 3.0)
      resque (~> 1.25)
      rufus-scheduler (~> 3.0)
    rpush (2.7.0)
      activesupport
      ansi
      multi_json (~> 1.0)
      net-http-persistent
      railties
      thor (>= 0.18.1, < 2.0)
    rufus-scheduler (3.2.0)
    sinatra (1.4.7)
      rack (~> 1.5)
      rack-protection (~> 1.4)
      tilt (>= 1.3, < 3)
    thor (0.19.1)
    thread_safe (0.3.5)
    tilt (2.0.2)
    tzinfo (1.2.2)
      thread_safe (~> 0.1)
    vegas (0.1.11)
      rack (>= 1.0.0)

PLATFORMS
  ruby

DEPENDENCIES
  apns
  cassandra-driver
  gcm
  json
  productrecommender
  redis
  resque
  resque-scheduler
  rpush
